PATH
  remote: .
  specs:
    language (1.0.0)
      iso-639
      locomotive_plugins (~> 1.0.0.beta)
      rack-accept

GEM
  remote: https://rubygems.org/
  specs:
    activemodel (3.2.13)
      activesupport (= 3.2.13)
      builder (~> 3.0.0)
    activesupport (3.2.13)
      i18n (= 0.6.1)
      multi_json (~> 1.0)
    bson (1.5.2)
    bson_ext (1.5.2)
      bson (= 1.5.2)
    builder (3.0.4)
    haml (3.1.8)
    i18n (0.6.1)
    iso-639 (0.1.0)
    locomotive_liquid (2.4.2)
    locomotive_plugins (1.0.0.beta10)
      bson_ext
      haml (~> 3.1)
      locomotive_liquid (~> 2.4)
      mongoid (~> 2.4.12)
    mongo (1.5.2)
      bson (= 1.5.2)
    mongoid (2.4.12)
      activemodel (~> 3.1)
      mongo (<= 1.6.2)
      tzinfo (~> 0.3.22)
    multi_json (1.7.2)
    rack (1.5.2)
    rack-accept (0.4.5)
      rack (>= 0.4)
    tzinfo (0.3.37)

PLATFORMS
  ruby

DEPENDENCIES
  language!
